PATH
  remote: .
  specs:
    ouroborus (0.0.1)

GEM
  remote: https://rubygems.org/
  specs:
    webrick (1.7.0)

PLATFORMS
  x86_64-linux-musl

DEPENDENCIES
  ouroborus!
  webrick

BUNDLED WITH
   2.3.7
