GIT
  remote: https://github.com/ruby/webrick.git
  revision: 14612a7540fdd7373344461851c4bfff64985b3e
  ref: 14612a7540fdd7373344461851c4bfff64985b3e
  specs:
    webrick (1.7.0)

PATH
  remote: .
  specs:
    ouroborus (0.0.1)

GEM
  remote: https://rubygems.org/
  specs:

PLATFORMS
  x86_64-linux-musl

DEPENDENCIES
  ouroborus!
  webrick!

BUNDLED WITH
   2.3.7
