GIT
  remote: https://github.com/ruby/webrick.git
  revision: 14612a7540fdd7373344461851c4bfff64985b3e
  ref: 14612a7540fdd7373344461851c4bfff64985b3e
  specs:
    webrick (1.7.0)

PATH
  remote: .
  specs:
    ouroborus (0.0.1)

GEM
  remote: https://rubygems.org/
  specs:
    diff-lcs (1.5.0)
    rspec (3.12.0)
      rspec-core (~> 3.12.0)
      rspec-expectations (~> 3.12.0)
      rspec-mocks (~> 3.12.0)
    rspec-core (3.12.0)
      rspec-support (~> 3.12.0)
    rspec-expectations (3.12.1)
      diff-lcs (>= 1.2.0, < 2.0)
      rspec-support (~> 3.12.0)
    rspec-mocks (3.12.1)
      diff-lcs (>= 1.2.0, < 2.0)
      rspec-support (~> 3.12.0)
    rspec-support (3.12.0)

PLATFORMS
  x86_64-linux-musl

DEPENDENCIES
  ouroborus!
  rspec
  webrick!

BUNDLED WITH
   2.3.7
